GEM
  remote: https://rubygems.org/
  specs:
    dotenv (0.11.1)
      dotenv-deployment (~> 0.0.2)
    dotenv-deployment (0.0.2)
    foreman (0.74.0)
      dotenv (~> 0.11.1)
      thor (~> 0.19.1)
    kgio (2.9.2)
    mustermann (1.1.1)
      ruby2_keywords (~> 0.0.1)
    mysql2 (0.3.16)
    mysql2-cs-bind (0.0.6)
      mysql2
    rack (2.2.3)
    rack-flash3 (1.0.5)
      rack
    rack-protection (2.2.0)
      rack
    raindrops (0.13.0)
    ruby2_keywords (0.0.5)
    sinatra (2.2.0)
      mustermann (~> 1.0)
      rack (~> 2.2)
      rack-protection (= 2.2.0)
      tilt (~> 2.0)
    thor (0.19.1)
    tilt (2.0.10)
    unicorn (4.8.3)
      kgio (~> 2.6)
      rack
      raindrops (~> 0.7)

PLATFORMS
  ruby

DEPENDENCIES
  foreman
  mysql2-cs-bind
  rack-flash3
  sinatra
  unicorn
